GEM
  remote: http://rubygems.org/
  specs:
    ParseTree (3.0.8)
      RubyInline (>= 3.7.0)
      sexp_processor (>= 3.0.0)
    RubyInline (3.11.2)
      ZenTest (~> 4.3)
    ZenTest (4.7.0)
    bourbon (1.4.0)
      sass (>= 3.1)
    coderay (1.0.5)
    daemons (1.1.8)
    deckrb (0.3.0)
      coderay
      erector (>= 0.9.0.pre1)
      json
      nokogiri
      rack
      rack-codehighlighter
      redcarpet (~> 2)
      trollop
    diff-lcs (1.1.3)
    erector (0.9.0.pre1)
      treetop (>= 1.2.3)
    eventmachine (0.12.10)
    file-tail (1.0.8)
      tins (~> 0.3)
    files (0.2.1)
    json (1.6.6)
    mini_portile2 (2.5.1)
    nokogiri (1.11.4)
      mini_portile2 (~> 2.5.0)
      racc (~> 1.4)
    polyglot (0.3.3)
    predicated (0.2.6)
    racc (1.5.2)
    rack (1.6.13)
    rack-codehighlighter (0.5.0)
      nokogiri (>= 1.4.1)
      rack (>= 1.0.0)
    rack-protection (1.5.5)
      rack
    rack-test (0.6.1)
      rack (>= 1.0)
    rake (0.9.2.2)
    rdiscount (1.6.8)
    redcarpet (2.1.1)
    rerun (0.6.5)
    rspec (2.9.0)
      rspec-core (~> 2.9.0)
      rspec-expectations (~> 2.9.0)
      rspec-mocks (~> 2.9.0)
    rspec-core (2.9.0)
    rspec-expectations (2.9.0)
      diff-lcs (~> 1.1.3)
    rspec-mocks (2.9.0)
    ruby2ruby (1.3.1)
      ruby_parser (~> 2.0)
      sexp_processor (~> 3.0)
    ruby_parser (2.0.6)
      sexp_processor (~> 3.0)
    sass (3.1.15)
    sexp_processor (3.1.0)
    sinatra (1.3.2)
      rack (~> 1.3, >= 1.3.6)
      rack-protection (~> 1.2)
      tilt (~> 1.3, >= 1.3.3)
    sourcify (0.5.0)
      file-tail (>= 1.0.5)
      ruby2ruby (>= 1.2.5)
      ruby_parser (>= 2.0.5)
      sexp_processor (>= 3.0.5)
    thin (1.3.1)
      daemons (>= 1.0.9)
      eventmachine (>= 0.12.6)
      rack (>= 1.0.0)
    tilt (1.3.3)
    tins (0.3.12)
    treetop (1.4.10)
      polyglot
      polyglot (>= 0.3.1)
    trollop (1.16.2)
    wrong (0.6.2)
      ParseTree (~> 3.0)
      diff-lcs (~> 1.1.2)
      file-tail (~> 1.0)
      predicated (>= 0.2.3)
      ruby2ruby (~> 1.2)
      ruby_parser (~> 2.0.4)
      sexp_processor (~> 3.0)
      sourcify (>= 0.3.0)

PLATFORMS
  ruby

DEPENDENCIES
  bourbon
  coderay
  deckrb (>= 0.3.0)
  erector (~> 0.9.0.pre1)
  files
  nokogiri
  rack-codehighlighter
  rack-test
  rake
  rdiscount
  rerun
  rspec
  sass
  sinatra
  thin
  wrong (>= 0.6.2)
